GEM
  remote: http://rubygems.org/
  specs:
    daemons (1.1.9)
    database_cleaner (0.6.7)
    diff-lcs (1.1.3)
    eventmachine (1.0.0)
    fuubar (1.0.0)
      rspec (~> 2.0)
      rspec-instafail (~> 0.2.0)
      ruby-progressbar (~> 0.0.10)
    rack (1.4.1)
    rack-contrib (1.1.0)
      rack (>= 0.9.1)
    rack-test (0.6.1)
      rack (>= 1.0)
    rake (0.9.2.2)
    rspec (2.7.0)
      rspec-core (~> 2.7.0)
      rspec-expectations (~> 2.7.0)
      rspec-mocks (~> 2.7.0)
    rspec-core (2.7.1)
    rspec-expectations (2.7.0)
      diff-lcs (~> 1.1.2)
    rspec-instafail (0.2.4)
    rspec-mocks (2.7.0)
    ruby-prof (0.11.2)
    ruby-progressbar (0.0.10)
    thin (1.4.1)
      daemons (>= 1.0.9)
      eventmachine (>= 0.12.6)
      rack (>= 1.0.0)

PLATFORMS
  ruby

DEPENDENCIES
  database_cleaner (~> 0.6.7)
  fuubar
  rack
  rack-contrib (~> 1.1.0)
  rack-test (~> 0.6.0)
  rake (~> 0.9.2)
  rspec (~> 2.7.0)
  ruby-prof (~> 0.11.2)
  thin
